NUGET
  remote: https://www.nuget.org/api/v2
    AForge (2.2.5)
    AForge.Imaging (2.2.5)
      AForge (>= 2.2.5)
      AForge.Math (>= 2.2.5)
    AForge.Math (2.2.5)
      AForge (>= 2.2.5)
    Appfail.WebForms (1.1)
    AWSSDK.Core (3.3.7.1)
      Microsoft.CSharp (>= 4.0.1) - framework: >= netstandard13
      Microsoft.Net.Http (>= 2.2.29) - framework: portable-net45+win8+wp8+wpa81
      Microsoft.NETCore.UniversalWindowsPlatform (>= 5.2.2) - framework: net10, net11, net20, net30, netstandard10, netstandard11, netstandard12
      PCLCrypto (>= 1.0.2.15130) - framework: monoandroid, monotouch, portable-net45+win8+wp8+wpa81, xamarinios
      PCLStorage (>= 1.0.2) - framework: monoandroid, monotouch, portable-net45+win8+wp8+wpa81, xamarinios
      System.Collections (>= 4.0.11) - framework: >= netstandard13
      System.Collections.NonGeneric (>= 4.0.1) - framework: >= netstandard13
      System.Console (>= 4.0) - framework: >= netstandard13
      System.Diagnostics.Debug (>= 4.0.11) - framework: >= netstandard13
      System.Diagnostics.Tools (>= 4.0.1) - framework: >= netstandard13
      System.IO.FileSystem (>= 4.0.1) - framework: >= netstandard13
      System.Linq (>= 4.1) - framework: >= netstandard13
      System.Net.Http (>= 4.1) - framework: >= netstandard13
      System.Net.Requests (>= 4.0.11) - framework: >= netstandard13
      System.Reflection.Extensions (>= 4.0.1) - framework: >= netstandard13
      System.Reflection.TypeExtensions (>= 4.1) - framework: >= netstandard13
      System.Runtime.Extensions (>= 4.1) - framework: >= netstandard13
      System.Runtime.InteropServices (>= 4.1) - framework: >= netstandard13
      System.Security.Cryptography.Algorithms (>= 4.2) - framework: >= netstandard13
      System.Security.Cryptography.Csp (>= 4.0) - framework: >= netstandard13
      System.Text.Encoding.Extensions (>= 4.0.11) - framework: >= netstandard13
      System.Text.RegularExpressions (>= 4.1) - framework: >= netstandard13
      System.Threading (>= 4.0.11) - framework: >= netstandard13
      System.Threading.Thread (>= 4.0) - framework: >= netstandard13
      System.Xml.XDocument (>= 4.0.11) - framework: >= netstandard13
    AWSSDK.S3 (3.3.5.2)
      AWSSDK.Core (>= 3.3.7 < 3.4)
      Microsoft.NETCore.UniversalWindowsPlatform (>= 5.2.2) - framework: net10, net11, net20, net30, net35, net40, net40-full
    DotNetZip.Reduced (1.9.1.8)
    Imazen.WebP (9.0.1)
    Microsoft.Azure.KeyVault.Core (2.0.4) - framework: >= net45, wpv8.0
    Microsoft.Bcl (1.1.10) - framework: monoandroid, monotouch, portable-net45+win8+wp8+wpa81, xamarinios
      Microsoft.Bcl.Build (>= 1.0.14)
    Microsoft.Bcl.Async (1.0.168) - framework: monoandroid, monotouch, portable-net45+win8+wp8+wpa81, xamarinios
      Microsoft.Bcl (>= 1.1.8)
    Microsoft.Bcl.Build (1.0.21) - import_targets: false, framework: monoandroid, monotouch, portable-net45+win8+wp8+wpa81, xamarinios
    Microsoft.CSharp (4.3) - framework: net10, net11, net20, net30, net35, net40, net40-full, >= netstandard10
      System.Collections (>= 4.3) - framework: dnxcore50, >= netstandard13
      System.Diagnostics.Debug (>= 4.3) - framework: dnxcore50, >= netstandard13
      System.Dynamic.Runtime (>= 4.3) - framework: dnxcore50, netstandard10, >= netstandard13
      System.Globalization (>= 4.3) - framework: dnxcore50, >= netstandard13
      System.Linq (>= 4.3) - framework: dnxcore50, >= netstandard13
      System.Linq.Expressions (>= 4.3) - framework: dnxcore50, netstandard10, >= netstandard13
      System.ObjectModel (>= 4.3) - framework: dnxcore50, >= netstandard13
      System.Reflection (>= 4.3) - framework: dnxcore50, >= netstandard13
      System.Reflection.Extensions (>= 4.3) - framework: dnxcore50, >= netstandard13
      System.Reflection.Primitives (>= 4.3) - framework: dnxcore50, >= netstandard13
      System.Reflection.TypeExtensions (>= 4.3) - framework: dnxcore50, >= netstandard13
      System.Resources.ResourceManager (>= 4.3) - framework: dnxcore50, >= netstandard13
      System.Runtime (>= 4.3) - framework: dnxcore50, netstandard10, >= netstandard13
      System.Runtime.Extensions (>= 4.3) - framework: dnxcore50, >= netstandard13
      System.Runtime.InteropServices (>= 4.3) - framework: dnxcore50, >= netstandard13
      System.Threading (>= 4.3) - framework: dnxcore50, >= netstandard13
    Microsoft.Data.Edm (5.8.1) - framework: >= net45, netstandard10, >= netstandard13, winv4.5, wpv8.0, wpav8.1
    Microsoft.Data.OData (5.8.1) - framework: >= net45, netstandard10, >= netstandard13, winv4.5, wpv8.0, wpav8.1
      Microsoft.Data.Edm (5.8.1)
      System.Spatial (5.8.1)
    Microsoft.Data.Services.Client (5.8.1) - framework: >= net45, netstandard10, >= netstandard13
      Microsoft.Data.OData (5.8.1)
    Microsoft.Net.Http (2.2.29) - framework: portable-net45+win8+wp8+wpa81
      Microsoft.Bcl (>= 1.1.10)
      Microsoft.Bcl.Build (>= 1.0.14)
    Microsoft.NETCore (5.0.2) - framework: net10, net11, net20, net30, net35, net40, net40-full, netstandard10, netstandard11, netstandard12
      Microsoft.CSharp (>= 4.0.1)
      Microsoft.NETCore.Platforms (>= 1.0.1)
      Microsoft.VisualBasic (>= 10.0.1)
      System.AppContext (>= 4.1)
      System.Collections (>= 4.0.11)
      System.Collections.Concurrent (>= 4.0.12)
      System.Collections.Immutable (>= 1.2)
      System.ComponentModel (>= 4.0.1)
      System.ComponentModel.Annotations (>= 4.1)
      System.Diagnostics.Debug (>= 4.0.11)
      System.Diagnostics.Tools (>= 4.0.1)
      System.Diagnostics.Tracing (>= 4.1)
      System.Dynamic.Runtime (>= 4.0.11)
      System.Globalization (>= 4.0.11)
      System.Globalization.Calendars (>= 4.0.1)
      System.Globalization.Extensions (>= 4.0.1)
      System.IO (>= 4.1)
      System.IO.Compression (>= 4.1.1)
      System.IO.Compression.ZipFile (>= 4.0.1)
      System.IO.FileSystem (>= 4.0.1)
      System.IO.FileSystem.Primitives (>= 4.0.1)
      System.IO.UnmanagedMemoryStream (>= 4.0.1)
      System.Linq (>= 4.1)
      System.Linq.Expressions (>= 4.1)
      System.Linq.Parallel (>= 4.0.1)
      System.Linq.Queryable (>= 4.0.1)
      System.Net.Http (>= 4.1)
      System.Net.NetworkInformation (>= 4.1)
      System.Net.Primitives (>= 4.0.11)
      System.Numerics.Vectors (>= 4.1.1)
      System.ObjectModel (>= 4.0.12)
      System.Reflection (>= 4.1)
      System.Reflection.DispatchProxy (>= 4.0.1)
      System.Reflection.Extensions (>= 4.0.1)
      System.Reflection.Metadata (>= 1.3)
      System.Reflection.Primitives (>= 4.0.1)
      System.Reflection.TypeExtensions (>= 4.1)
      System.Resources.ResourceManager (>= 4.0.1)
      System.Runtime (>= 4.1)
      System.Runtime.Extensions (>= 4.1)
      System.Runtime.Handles (>= 4.0.1)
      System.Runtime.InteropServices (>= 4.1)
      System.Runtime.Numerics (>= 4.0.1)
      System.Security.Claims (>= 4.0.1)
      System.Security.Principal (>= 4.0.1)
      System.Text.Encoding (>= 4.0.11)
      System.Text.Encoding.Extensions (>= 4.0.11)
      System.Text.RegularExpressions (>= 4.1)
      System.Threading (>= 4.0.11)
      System.Threading.Tasks (>= 4.0.11)
      System.Threading.Tasks.Dataflow (>= 4.6)
      System.Threading.Tasks.Parallel (>= 4.0.1)
      System.Threading.Timer (>= 4.0.1)
      System.Xml.ReaderWriter (>= 4.0.11)
      System.Xml.XDocument (>= 4.0.11)
    Microsoft.NETCore.Jit (1.1) - framework: net10, net11, net20, net30, net35, net40, net40-full, netstandard10, netstandard11, netstandard12
    Microsoft.NETCore.Platforms (1.1) - framework: net10, >= net10, >= netstandard10, netstandard11, netstandard12, netstandard13, netstandard14
    Microsoft.NETCore.Portable.Compatibility (1.0.2) - framework: net10, net11, net20, net30, net35, net40, net40-full, netstandard10, netstandard11, netstandard12
    Microsoft.NETCore.Runtime.CoreCLR (1.1) - framework: net10, net11, net20, net30, net35, net40, net40-full, netstandard10, netstandard11, netstandard12
      Microsoft.NETCore.Jit (>= 1.1)
      Microsoft.NETCore.Windows.ApiSets (>= 1.0.1)
    Microsoft.NETCore.Targets (1.1) - framework: net10, >= net10, >= netstandard10, netstandard11, netstandard12, netstandard13, netstandard14
    Microsoft.NETCore.UniversalWindowsPlatform (5.2.2) - framework: net10, net11, net20, net30, net35, net40, net40-full, netstandard10, netstandard11, netstandard12
      Microsoft.NETCore (>= 5.0.2)
      Microsoft.NETCore.Portable.Compatibility (>= 1.0.2)
      Microsoft.NETCore.Runtime.CoreCLR (>= 1.0.3)
      Microsoft.NETCore.Targets (>= 1.0.2)
      Microsoft.Win32.Primitives (>= 4.0.1)
      System.ComponentModel.EventBasedAsync (>= 4.0.11)
      System.Data.Common (>= 4.1)
      System.Diagnostics.Contracts (>= 4.0.1)
      System.Diagnostics.StackTrace (>= 4.0.2)
      System.IO.IsolatedStorage (>= 4.0.1)
      System.Net.Http.Rtc (>= 4.0.1)
      System.Net.NameResolution (>= 4.0)
      System.Net.Requests (>= 4.0.11)
      System.Net.Sockets (>= 4.1)
      System.Net.WebHeaderCollection (>= 4.0.1)
      System.Net.WebSockets (>= 4.0)
      System.Net.WebSockets.Client (>= 4.0)
      System.Numerics.Vectors.WindowsRuntime (>= 4.0.1)
      System.Reflection.Context (>= 4.0.1)
      System.Runtime.InteropServices.WindowsRuntime (>= 4.0.1)
      System.Runtime.Serialization.Json (>= 4.0.2)
      System.Runtime.Serialization.Primitives (>= 4.1.1)
      System.Runtime.Serialization.Xml (>= 4.1.1)
      System.Runtime.WindowsRuntime (>= 4.0.11)
      System.Runtime.WindowsRuntime.UI.Xaml (>= 4.0.1)
      System.ServiceModel.Duplex (>= 4.0.1)
      System.ServiceModel.Http (>= 4.1)
      System.ServiceModel.NetTcp (>= 4.1)
      System.ServiceModel.Primitives (>= 4.1)
      System.ServiceModel.Security (>= 4.0.1)
      System.Text.Encoding.CodePages (>= 4.0.1)
      System.Xml.XmlSerializer (>= 4.0.11)
    Microsoft.NETCore.Windows.ApiSets (1.0.1) - framework: net10, net11, net20, net30, net35, net40, net40-full, netstandard10, netstandard11, netstandard12
    Microsoft.VisualBasic (10.1) - framework: net10, net11, net20, net30, net35, net40, net40-full, netstandard10, netstandard11, netstandard12
    Microsoft.Win32.Primitives (4.3) - framework: net10, >= net10, >= netstandard10, netstandard13
      Microsoft.NETCore.Platforms (>= 1.1) - framework: >= netstandard13
      Microsoft.NETCore.Targets (>= 1.1) - framework: >= netstandard13
      System.Runtime (>= 4.3) - framework: >= netstandard13
    Microsoft.Win32.Registry (4.3) - framework: >= net45, >= netstandard15
      Microsoft.NETCore.Platforms (>= 1.1) - framework: >= netstandard13
      System.Collections (>= 4.3) - framework: >= netstandard13
      System.Globalization (>= 4.3) - framework: >= netstandard13
      System.Resources.ResourceManager (>= 4.3) - framework: >= netstandard13
      System.Runtime (>= 4.3) - framework: >= netstandard13
      System.Runtime.Extensions (>= 4.3) - framework: >= netstandard13
      System.Runtime.Handles (>= 4.3) - framework: >= netstandard13
      System.Runtime.InteropServices (>= 4.3) - framework: >= netstandard13
    Microsoft.WindowsAzure.ConfigurationManager (3.2.3)
    mongocsharpdriver (2.4)
      MongoDB.Bson (>= 2.4) - framework: >= net45, >= netstandard15
      MongoDB.Driver (>= 2.4) - framework: >= net45, >= netstandard15
      MongoDB.Driver.Core (>= 2.4) - framework: >= net45, >= netstandard15
      NETStandard.Library (>= 1.6) - framework: >= netstandard15
    MongoDB.Bson (2.4) - framework: >= net45, >= netstandard15
      NETStandard.Library (>= 1.6) - framework: >= netstandard15
      System.Collections.NonGeneric (>= 4.0.1) - framework: >= netstandard15
      System.Diagnostics.Process (>= 4.1) - framework: >= netstandard15
      System.Dynamic.Runtime (>= 4.0.11) - framework: >= netstandard15
      System.Reflection.Emit.Lightweight (>= 4.0.1) - framework: >= netstandard15
    MongoDB.Driver (2.4) - framework: >= net45, >= netstandard15
      MongoDB.Bson (>= 2.4) - framework: >= net45, >= netstandard15
      MongoDB.Driver.Core (>= 2.4) - framework: >= net45, >= netstandard15
      NETStandard.Library (>= 1.6) - framework: >= netstandard15
      System.Linq.Queryable (>= 4.0.1) - framework: >= netstandard15
    MongoDB.Driver.Core (2.4) - framework: >= net45, >= netstandard15
      MongoDB.Bson (>= 2.4) - framework: >= net45, >= netstandard15
      NETStandard.Library (>= 1.6) - framework: >= netstandard15
      System.Collections.Specialized (>= 4.0.1) - framework: >= netstandard15
      System.Diagnostics.TraceSource (>= 4.0) - framework: >= netstandard15
      System.Net.NameResolution (>= 4.0) - framework: >= netstandard15
      System.Net.Security (>= 4.0) - framework: >= netstandard15
      System.Runtime.InteropServices.RuntimeInformation (>= 4.0) - framework: >= net45
      System.Security.SecureString (>= 4.0) - framework: >= netstandard15
    NETStandard.Library (1.6.1) - framework: >= net45, netstandard10, >= netstandard13
      Microsoft.NETCore.Platforms (>= 1.1) - framework: >= netstandard10
      Microsoft.Win32.Primitives (>= 4.3) - framework: >= net46, >= netstandard13
      System.AppContext (>= 4.3) - framework: >= net46, >= netstandard13
      System.Collections (>= 4.3) - framework: >= netstandard10
      System.Collections.Concurrent (>= 4.3) - framework: >= net45, >= netstandard11
      System.Console (>= 4.3) - framework: >= net46, >= netstandard13
      System.Diagnostics.Debug (>= 4.3) - framework: >= netstandard10
      System.Diagnostics.Tools (>= 4.3) - framework: >= netstandard10
      System.Diagnostics.Tracing (>= 4.3) - framework: >= net45, >= netstandard11
      System.Globalization (>= 4.3) - framework: >= netstandard10
      System.Globalization.Calendars (>= 4.3) - framework: >= net46, >= netstandard13
      System.IO (>= 4.3) - framework: >= netstandard10
      System.IO.Compression (>= 4.3) - framework: >= net45, >= netstandard11
      System.IO.Compression.ZipFile (>= 4.3) - framework: >= net46, >= netstandard13
      System.IO.FileSystem (>= 4.3) - framework: >= net46, >= netstandard13
      System.IO.FileSystem.Primitives (>= 4.3) - framework: >= net46, >= netstandard13
      System.Linq (>= 4.3) - framework: >= netstandard10
      System.Linq.Expressions (>= 4.3) - framework: >= netstandard10
      System.Net.Http (>= 4.3) - framework: >= net45, >= netstandard11
      System.Net.Primitives (>= 4.3) - framework: >= netstandard10
      System.Net.Sockets (>= 4.3) - framework: >= net46, >= netstandard13
      System.ObjectModel (>= 4.3) - framework: >= netstandard10
      System.Reflection (>= 4.3) - framework: >= netstandard10
      System.Reflection.Extensions (>= 4.3) - framework: >= netstandard10
      System.Reflection.Primitives (>= 4.3) - framework: >= netstandard10
      System.Resources.ResourceManager (>= 4.3) - framework: >= netstandard10
      System.Runtime (>= 4.3) - framework: >= netstandard10
      System.Runtime.Extensions (>= 4.3) - framework: >= netstandard10
      System.Runtime.Handles (>= 4.3) - framework: >= net46, >= netstandard13
      System.Runtime.InteropServices (>= 4.3) - framework: >= net45, >= netstandard11
      System.Runtime.InteropServices.RuntimeInformation (>= 4.3) - framework: >= net45, >= netstandard11
      System.Runtime.Numerics (>= 4.3) - framework: >= net45, >= netstandard11
      System.Security.Cryptography.Algorithms (>= 4.3) - framework: >= net46, >= netstandard13
      System.Security.Cryptography.Encoding (>= 4.3) - framework: >= net46, >= netstandard13
      System.Security.Cryptography.Primitives (>= 4.3) - framework: >= net46, >= netstandard13
      System.Security.Cryptography.X509Certificates (>= 4.3) - framework: >= net46, >= netstandard13
      System.Text.Encoding (>= 4.3) - framework: >= netstandard10
      System.Text.Encoding.Extensions (>= 4.3) - framework: >= netstandard10
      System.Text.RegularExpressions (>= 4.3) - framework: >= netstandard10
      System.Threading (>= 4.3) - framework: >= netstandard10
      System.Threading.Tasks (>= 4.3) - framework: >= netstandard10
      System.Threading.Timer (>= 4.3) - framework: >= net451, >= netstandard12
      System.Xml.ReaderWriter (>= 4.3) - framework: >= netstandard10
      System.Xml.XDocument (>= 4.3) - framework: >= netstandard10
    Newtonsoft.Json (9.0.1)
      Microsoft.CSharp (>= 4.0.1) - framework: >= netstandard10
      System.Collections (>= 4.0.11) - framework: >= netstandard10
      System.Diagnostics.Debug (>= 4.0.11) - framework: >= netstandard10
      System.Dynamic.Runtime (>= 4.0.11) - framework: >= netstandard10
      System.Globalization (>= 4.0.11) - framework: >= netstandard10
      System.IO (>= 4.1) - framework: >= netstandard10
      System.Linq (>= 4.1) - framework: >= netstandard10
      System.Linq.Expressions (>= 4.1) - framework: >= netstandard10
      System.ObjectModel (>= 4.0.12) - framework: >= netstandard10
      System.Reflection (>= 4.1) - framework: >= netstandard10
      System.Reflection.Extensions (>= 4.0.1) - framework: >= netstandard10
      System.Resources.ResourceManager (>= 4.0.1) - framework: >= netstandard10
      System.Runtime (>= 4.1) - framework: >= netstandard10
      System.Runtime.Extensions (>= 4.1) - framework: >= netstandard10
      System.Runtime.Serialization.Primitives (>= 4.1.1) - framework: >= netstandard10
      System.Text.Encoding (>= 4.0.11) - framework: >= netstandard10
      System.Text.Encoding.Extensions (>= 4.0.11) - framework: >= netstandard10
      System.Text.RegularExpressions (>= 4.1) - framework: >= netstandard10
      System.Threading (>= 4.0.11) - framework: >= netstandard10
      System.Threading.Tasks (>= 4.0.11) - framework: >= netstandard10
      System.Xml.ReaderWriter (>= 4.0.11) - framework: >= netstandard10
      System.Xml.XDocument (>= 4.0.11) - framework: >= netstandard10
    NLog (4.4.1)
    OpenCvSharp-WithoutDll (2.4.10.20161105)
    PCLCrypto (2.0.147) - framework: monoandroid, monotouch, portable-net45+win8+wp8+wpa81, xamarinios
      PInvoke.NCrypt (>= 0.3.2) - framework: >= net45, dnxcore50, portable-dnxcore50+monoandroid10+monotouch10+unsupported+win+wpa81+xamarinios10
      Validation (>= 2.2.8)
    PCLStorage (1.0.2) - framework: monoandroid, monotouch, portable-net45+win8+wp8+wpa81, xamarinios
      Microsoft.Bcl (>= 1.1.6) - framework: net10, net11, net20, net30, net35, net40, net40-full
      Microsoft.Bcl.Async (>= 1.0.165) - framework: net10, net11, net20, net30, net35, net40, net40-full
    PdfiumViewer (2.11)
    PInvoke.BCrypt (0.3.152) - framework: monoandroid, monotouch, portable-net45+win8+wp8+wpa81, xamarinios
      PInvoke.Kernel32 (>= 0.3.152) - framework: >= net40, >= netstandard11, portable-net40+win8+wpa81, portable-net45+win8+wpa81
      PInvoke.Windows.Core (>= 0.3.152) - framework: >= net40, >= netstandard11, portable-net40+win8+wpa81, portable-net45+win8+wpa81
    PInvoke.Kernel32 (0.3.152) - framework: monoandroid, monotouch, portable-net45+win8+wp8+wpa81, xamarinios
      PInvoke.Windows.Core (>= 0.3.152) - framework: >= net40, >= netstandard11, portable-net40+win8+wpa81, portable-net45+win8+wpa81
    PInvoke.NCrypt (0.3.152) - framework: monoandroid, monotouch, portable-net45+win8+wp8+wpa81, xamarinios
      PInvoke.BCrypt (>= 0.3.152) - framework: >= net40, >= netstandard11, portable-net40+win8+wpa81, portable-net45+win8+wpa81
      PInvoke.Windows.Core (>= 0.3.152) - framework: >= net40, >= netstandard11, portable-net40+win8+wpa81, portable-net45+win8+wpa81
    PInvoke.Windows.Core (0.3.152) - framework: monoandroid, monotouch, portable-net45+win8+wp8+wpa81, xamarinios
    runtime.debian.8-x64.runtime.native.System.Security.Cryptography.OpenSsl (4.3) - framework: net10, net11, net20, net30, net35, net40, net40-full, >= net45, >= netstandard13, netstandard14
    runtime.fedora.23-x64.runtime.native.System.Security.Cryptography.OpenSsl (4.3) - framework: net10, net11, net20, net30, net35, net40, net40-full, >= net45, >= netstandard13, netstandard14
    runtime.fedora.24-x64.runtime.native.System.Security.Cryptography.OpenSsl (4.3) - framework: net10, net11, net20, net30, net35, net40, net40-full, >= net45, >= netstandard13, netstandard14
    runtime.native.System (4.3) - framework: net10, >= net10, >= netstandard13
      Microsoft.NETCore.Platforms (>= 1.1)
      Microsoft.NETCore.Targets (>= 1.1)
    runtime.native.System.IO.Compression (4.3) - framework: net10, >= net10, >= netstandard13
      Microsoft.NETCore.Platforms (>= 1.1)
      Microsoft.NETCore.Targets (>= 1.1)
    runtime.native.System.Net.Http (4.3) - framework: net10, net11, net20, net30, net35, net40, net40-full, >= net45, >= netstandard16
      Microsoft.NETCore.Platforms (>= 1.1)
      Microsoft.NETCore.Targets (>= 1.1)
    runtime.native.System.Net.Security (4.3) - framework: >= net45, >= netstandard16
      Microsoft.NETCore.Platforms (>= 1.1)
      Microsoft.NETCore.Targets (>= 1.1)
    runtime.native.System.Security.Cryptography.Apple (4.3) - framework: net10, net11, net20, net30, net35, net40, net40-full, >= net45, >= netstandard16
      runtime.osx.10.10-x64.runtime.native.System.Security.Cryptography.Apple (>= 4.3)
    runtime.native.System.Security.Cryptography.OpenSsl (4.3) - framework: net10, net11, net20, net30, net35, net40, net40-full, >= net45, >= netstandard13, netstandard14
      runtime.debian.8-x64.runtime.native.System.Security.Cryptography.OpenSsl (>= 4.3)
      runtime.fedora.23-x64.runtime.native.System.Security.Cryptography.OpenSsl (>= 4.3)
      runtime.fedora.24-x64.runtime.native.System.Security.Cryptography.OpenSsl (>= 4.3)
      runtime.opensuse.13.2-x64.runtime.native.System.Security.Cryptography.OpenSsl (>= 4.3)
      runtime.opensuse.42.1-x64.runtime.native.System.Security.Cryptography.OpenSsl (>= 4.3)
      runtime.osx.10.10-x64.runtime.native.System.Security.Cryptography.OpenSsl (>= 4.3)
      runtime.rhel.7-x64.runtime.native.System.Security.Cryptography.OpenSsl (>= 4.3)
      runtime.ubuntu.14.04-x64.runtime.native.System.Security.Cryptography.OpenSsl (>= 4.3)
      runtime.ubuntu.16.04-x64.runtime.native.System.Security.Cryptography.OpenSsl (>= 4.3)
      runtime.ubuntu.16.10-x64.runtime.native.System.Security.Cryptography.OpenSsl (>= 4.3)
    runtime.opensuse.13.2-x64.runtime.native.System.Security.Cryptography.OpenSsl (4.3) - framework: net10, net11, net20, net30, net35, net40, net40-full, >= net45, >= netstandard13, netstandard14
    runtime.opensuse.42.1-x64.runtime.native.System.Security.Cryptography.OpenSsl (4.3) - framework: net10, net11, net20, net30, net35, net40, net40-full, >= net45, >= netstandard13, netstandard14
    runtime.osx.10.10-x64.runtime.native.System.Security.Cryptography.Apple (4.3) - framework: net10, net11, net20, net30, net35, net40, net40-full, >= net45, >= netstandard16
    runtime.osx.10.10-x64.runtime.native.System.Security.Cryptography.OpenSsl (4.3) - framework: net10, net11, net20, net30, net35, net40, net40-full, >= net45, >= netstandard13, netstandard14
    runtime.rhel.7-x64.runtime.native.System.Security.Cryptography.OpenSsl (4.3) - framework: net10, net11, net20, net30, net35, net40, net40-full, >= net45, >= netstandard13, netstandard14
    runtime.ubuntu.14.04-x64.runtime.native.System.Security.Cryptography.OpenSsl (4.3) - framework: net10, net11, net20, net30, net35, net40, net40-full, >= net45, >= netstandard13, netstandard14
    runtime.ubuntu.16.04-x64.runtime.native.System.Security.Cryptography.OpenSsl (4.3) - framework: net10, net11, net20, net30, net35, net40, net40-full, >= net45, >= netstandard13, netstandard14
    runtime.ubuntu.16.10-x64.runtime.native.System.Security.Cryptography.OpenSsl (4.3) - framework: net10, net11, net20, net30, net35, net40, net40-full, >= net45, >= netstandard13, netstandard14
    System.AppContext (4.3) - framework: net10, net11, net20, net30, net35, net40, net40-full, >= net46, >= netstandard10
      System.Runtime (>= 4.3) - framework: dnxcore50, netstandard13, >= netstandard16
    System.Buffers (4.3) - framework: net10, >= net10, >= netstandard13
      System.Diagnostics.Debug (>= 4.3) - framework: >= netstandard11
      System.Diagnostics.Tracing (>= 4.3) - framework: >= netstandard11
      System.Resources.ResourceManager (>= 4.3) - framework: >= netstandard11
      System.Runtime (>= 4.3) - framework: >= netstandard11
      System.Threading (>= 4.3) - framework: >= netstandard11
    System.Collections (4.3) - framework: net10, >= net10, >= netstandard10, netstandard11, netstandard12, netstandard13, netstandard14
      Microsoft.NETCore.Platforms (>= 1.1) - framework: dnxcore50, netstandard10, >= netstandard13
      Microsoft.NETCore.Targets (>= 1.1) - framework: dnxcore50, netstandard10, >= netstandard13
      System.Runtime (>= 4.3) - framework: dnxcore50, netstandard10, >= netstandard13
    System.Collections.Concurrent (4.3) - framework: net10, net11, net20, net30, net35, net40, net40-full, >= net45, >= netstandard10, netstandard14
      System.Collections (>= 4.3) - framework: dnxcore50, >= netstandard13
      System.Diagnostics.Debug (>= 4.3) - framework: dnxcore50, >= netstandard13
      System.Diagnostics.Tracing (>= 4.3) - framework: dnxcore50, >= netstandard13
      System.Globalization (>= 4.3) - framework: dnxcore50, >= netstandard13
      System.Reflection (>= 4.3) - framework: >= netstandard13
      System.Resources.ResourceManager (>= 4.3) - framework: dnxcore50, >= netstandard13
      System.Runtime (>= 4.3) - framework: dnxcore50, netstandard11, >= netstandard13
      System.Runtime.Extensions (>= 4.3) - framework: dnxcore50, >= netstandard13
      System.Threading (>= 4.3) - framework: dnxcore50, >= netstandard13
      System.Threading.Tasks (>= 4.3) - framework: dnxcore50, netstandard11, >= netstandard13
    System.Collections.Immutable (1.3) - framework: net10, net11, net20, net30, net35, net40, net40-full, netstandard10, netstandard11, netstandard12
    System.Collections.NonGeneric (4.3) - framework: >= net45, >= netstandard13
      System.Diagnostics.Debug (>= 4.3) - framework: >= netstandard13
      System.Globalization (>= 4.3) - framework: >= netstandard13
      System.Resources.ResourceManager (>= 4.3) - framework: >= netstandard13
      System.Runtime (>= 4.3) - framework: >= netstandard13
      System.Runtime.Extensions (>= 4.3) - framework: >= netstandard13
      System.Threading (>= 4.3) - framework: >= netstandard13
    System.Collections.Specialized (4.3) - framework: >= net45, >= netstandard15
      System.Collections.NonGeneric (>= 4.3) - framework: >= netstandard13
      System.Globalization (>= 4.3) - framework: >= netstandard13
      System.Globalization.Extensions (>= 4.3) - framework: >= netstandard13
      System.Resources.ResourceManager (>= 4.3) - framework: >= netstandard13
      System.Runtime (>= 4.3) - framework: >= netstandard13
      System.Runtime.Extensions (>= 4.3) - framework: >= netstandard13
      System.Threading (>= 4.3) - framework: >= netstandard13
    System.ComponentModel (4.3) - framework: net10, net11, net20, net30, net35, net40, net40-full, netstandard10, netstandard11, netstandard12
    System.ComponentModel.Annotations (4.3) - framework: net10, net11, net20, net30, net35, net40, net40-full, netstandard10, netstandard11, netstandard12
    System.ComponentModel.EventBasedAsync (4.3) - framework: net10, net11, net20, net30, net35, net40, net40-full, netstandard10, netstandard11, netstandard12
    System.Console (4.3) - framework: >= net46, >= netstandard13
      Microsoft.NETCore.Platforms (>= 1.1) - framework: >= netstandard13
      Microsoft.NETCore.Targets (>= 1.1) - framework: >= netstandard13
      System.IO (>= 4.3) - framework: >= netstandard13
      System.Runtime (>= 4.3) - framework: >= netstandard13
      System.Text.Encoding (>= 4.3) - framework: >= netstandard13
    System.Data.Common (4.3) - framework: net10, net11, net20, net30, net35, net40, net40-full, netstandard10, netstandard11, netstandard12
    System.Diagnostics.Contracts (4.3) - framework: net10, net11, net20, net30, net35, net40, net40-full, netstandard10, netstandard11, netstandard12
    System.Diagnostics.Debug (4.3) - framework: net10, >= net10, >= netstandard10, netstandard11, netstandard12, netstandard13, netstandard14, monoandroid, monotouch, portable-net45+win8+wp8+wpa81, xamarinios
      Microsoft.NETCore.Platforms (>= 1.1) - framework: dnxcore50, netstandard10, >= netstandard13
      Microsoft.NETCore.Targets (>= 1.1) - framework: dnxcore50, netstandard10, >= netstandard13
      System.Runtime (>= 4.3) - framework: dnxcore50, netstandard10, >= netstandard13
    System.Diagnostics.DiagnosticSource (4.3) - framework: >= net46, netstandard13, >= netstandard16
      System.Collections (>= 4.3) - framework: netstandard11, >= netstandard13
      System.Diagnostics.Tracing (>= 4.3) - framework: netstandard11, >= netstandard13
      System.Reflection (>= 4.3) - framework: netstandard11, >= netstandard13
      System.Runtime (>= 4.3) - framework: netstandard11, >= netstandard13
      System.Threading (>= 4.3) - framework: netstandard11, >= netstandard13
    System.Diagnostics.Process (4.3) - framework: >= net45, >= netstandard15
      Microsoft.NETCore.Platforms (>= 1.1) - framework: >= netstandard14
      Microsoft.Win32.Primitives (>= 4.3) - framework: >= netstandard14
      Microsoft.Win32.Registry (>= 4.3) - framework: >= netstandard14
      runtime.native.System (>= 4.3) - framework: >= netstandard14
      System.Collections (>= 4.3) - framework: >= netstandard14
      System.Diagnostics.Debug (>= 4.3) - framework: >= netstandard14
      System.Globalization (>= 4.3) - framework: >= netstandard14
      System.IO (>= 4.3) - framework: >= netstandard13
      System.IO.FileSystem (>= 4.3) - framework: >= netstandard14
      System.IO.FileSystem.Primitives (>= 4.3) - framework: >= netstandard14
      System.Resources.ResourceManager (>= 4.3) - framework: >= netstandard14
      System.Runtime (>= 4.3) - framework: >= netstandard13
      System.Runtime.Extensions (>= 4.3) - framework: >= netstandard14
      System.Runtime.Handles (>= 4.3) - framework: >= netstandard13
      System.Runtime.InteropServices (>= 4.3) - framework: >= netstandard14
      System.Text.Encoding (>= 4.3) - framework: >= netstandard13
      System.Text.Encoding.Extensions (>= 4.3) - framework: >= netstandard14
      System.Threading (>= 4.3) - framework: >= netstandard14
      System.Threading.Tasks (>= 4.3) - framework: >= netstandard14
      System.Threading.Thread (>= 4.3) - framework: >= netstandard14
      System.Threading.ThreadPool (>= 4.3) - framework: >= netstandard14
    System.Diagnostics.StackTrace (4.3) - framework: net10, net11, net20, net30, net35, net40, net40-full, netstandard10, netstandard11, netstandard12
    System.Diagnostics.Tools (4.3) - framework: net10, net11, net20, net30, net35, net40, net40-full, >= net45, >= netstandard10, monoandroid, monotouch, portable-net45+win8+wp8+wpa81, xamarinios
      Microsoft.NETCore.Platforms (>= 1.1) - framework: dnxcore50, >= netstandard10
      Microsoft.NETCore.Targets (>= 1.1) - framework: dnxcore50, >= netstandard10
      System.Runtime (>= 4.3) - framework: dnxcore50, >= netstandard10
    System.Diagnostics.TraceSource (4.3) - framework: >= net45, >= netstandard15
      Microsoft.NETCore.Platforms (>= 1.1) - framework: >= netstandard13
      runtime.native.System (>= 4.3) - framework: >= netstandard13
      System.Collections (>= 4.3) - framework: >= netstandard13
      System.Diagnostics.Debug (>= 4.3) - framework: >= netstandard13
      System.Globalization (>= 4.3) - framework: >= netstandard13
      System.Resources.ResourceManager (>= 4.3) - framework: >= netstandard13
      System.Runtime (>= 4.3) - framework: >= netstandard13
      System.Runtime.Extensions (>= 4.3) - framework: >= netstandard13
      System.Threading (>= 4.3) - framework: >= netstandard13
    System.Diagnostics.Tracing (4.3) - framework: net10, >= net10, >= netstandard10, netstandard13, netstandard14
      Microsoft.NETCore.Platforms (>= 1.1) - framework: dnxcore50, netstandard11, netstandard12, netstandard13, >= netstandard15
      Microsoft.NETCore.Targets (>= 1.1) - framework: dnxcore50, netstandard11, netstandard12, netstandard13, >= netstandard15
      System.Runtime (>= 4.3) - framework: dnxcore50, netstandard11, netstandard12, netstandard13, >= netstandard15
    System.Dynamic.Runtime (4.3) - framework: net10, net11, net20, net30, net35, net40, net40-full, >= net45, >= netstandard10, netstandard11, netstandard12
      System.Collections (>= 4.3) - framework: dnxcore50, >= netstandard13
      System.Diagnostics.Debug (>= 4.3) - framework: dnxcore50, >= netstandard13
      System.Linq (>= 4.3) - framework: dnxcore50, >= netstandard13
      System.Linq.Expressions (>= 4.3) - framework: dnxcore50, netstandard10, >= netstandard13
      System.ObjectModel (>= 4.3) - framework: dnxcore50, netstandard10, >= netstandard13
      System.Reflection (>= 4.3) - framework: dnxcore50, netstandard10, >= netstandard13
      System.Reflection.Emit (>= 4.3) - framework: >= netstandard13
      System.Reflection.Emit.ILGeneration (>= 4.3) - framework: >= netstandard13
      System.Reflection.Primitives (>= 4.3) - framework: >= netstandard13
      System.Reflection.TypeExtensions (>= 4.3) - framework: dnxcore50, >= netstandard13
      System.Resources.ResourceManager (>= 4.3) - framework: dnxcore50, >= netstandard13
      System.Runtime (>= 4.3) - framework: dnxcore50, netstandard10, >= netstandard13
      System.Runtime.Extensions (>= 4.3) - framework: dnxcore50, >= netstandard13
      System.Threading (>= 4.3) - framework: dnxcore50, >= netstandard13
    System.Globalization (4.3) - framework: net10, >= net10, >= netstandard10, netstandard11, netstandard12, netstandard13, netstandard14, monoandroid, monotouch, portable-net45+win8+wp8+wpa81, xamarinios
      Microsoft.NETCore.Platforms (>= 1.1) - framework: dnxcore50, netstandard10, >= netstandard13
      Microsoft.NETCore.Targets (>= 1.1) - framework: dnxcore50, netstandard10, >= netstandard13
      System.Runtime (>= 4.3) - framework: dnxcore50, netstandard10, >= netstandard13
    System.Globalization.Calendars (4.3) - framework: net10, net11, net20, net30, net35, net40, net40-full, >= net46, >= netstandard10
      Microsoft.NETCore.Platforms (>= 1.1) - framework: >= netstandard13
      Microsoft.NETCore.Targets (>= 1.1) - framework: >= netstandard13
      System.Globalization (>= 4.3) - framework: >= netstandard13
      System.Runtime (>= 4.3) - framework: >= netstandard13
    System.Globalization.Extensions (4.3) - framework: net10, net11, net20, net30, net35, net40, net40-full, >= net45, netstandard10, netstandard11, netstandard12, >= netstandard15
      Microsoft.NETCore.Platforms (>= 1.1) - framework: >= netstandard13
      System.Globalization (>= 4.3) - framework: >= netstandard13
      System.Resources.ResourceManager (>= 4.3) - framework: >= netstandard13
      System.Runtime (>= 4.3) - framework: >= netstandard13
      System.Runtime.Extensions (>= 4.3) - framework: >= netstandard13
      System.Runtime.InteropServices (>= 4.3) - framework: >= netstandard13
    System.IO (4.3) - framework: net10, >= net10, >= netstandard10, netstandard11, netstandard12, netstandard13, netstandard14
      Microsoft.NETCore.Platforms (>= 1.1) - framework: dnxcore50, netstandard10, netstandard13, >= netstandard15
      Microsoft.NETCore.Targets (>= 1.1) - framework: dnxcore50, netstandard10, netstandard13, >= netstandard15
      System.Runtime (>= 4.3) - framework: dnxcore50, netstandard10, netstandard13, >= netstandard15
      System.Text.Encoding (>= 4.3) - framework: dnxcore50, netstandard10, netstandard13, >= netstandard15
      System.Threading.Tasks (>= 4.3) - framework: dnxcore50, netstandard10, netstandard13, >= netstandard15
    System.IO.Compression (4.3) - framework: net10, >= net10, >= netstandard10
      Microsoft.NETCore.Platforms (>= 1.1) - framework: >= netstandard13
      runtime.native.System (>= 4.3) - framework: >= netstandard13
      runtime.native.System.IO.Compression (>= 4.3) - framework: dnxcore50, >= netstandard13
      System.Buffers (>= 4.3) - framework: dnxcore50, >= netstandard13
      System.Collections (>= 4.3) - framework: dnxcore50, >= netstandard13
      System.Diagnostics.Debug (>= 4.3) - framework: dnxcore50, >= netstandard13
      System.IO (>= 4.3) - framework: dnxcore50, netstandard11, >= netstandard13
      System.Resources.ResourceManager (>= 4.3) - framework: dnxcore50, >= netstandard13
      System.Runtime (>= 4.3) - framework: dnxcore50, netstandard11, >= netstandard13
      System.Runtime.Extensions (>= 4.3) - framework: dnxcore50, >= netstandard13
      System.Runtime.Handles (>= 4.3) - framework: dnxcore50, >= netstandard13
      System.Runtime.InteropServices (>= 4.3) - framework: dnxcore50, >= netstandard13
      System.Text.Encoding (>= 4.3) - framework: dnxcore50, netstandard11, >= netstandard13
      System.Threading (>= 4.3) - framework: dnxcore50, >= netstandard13
      System.Threading.Tasks (>= 4.3) - framework: dnxcore50, >= netstandard13
    System.IO.Compression.ZipFile (4.3) - framework: net10, net11, net20, net30, net35, net40, net40-full, >= net46, >= netstandard10
      System.Buffers (>= 4.3) - framework: >= netstandard13
      System.IO (>= 4.3) - framework: >= netstandard13
      System.IO.Compression (>= 4.3) - framework: >= netstandard13
      System.IO.FileSystem (>= 4.3) - framework: >= netstandard13
      System.IO.FileSystem.Primitives (>= 4.3) - framework: >= netstandard13
      System.Resources.ResourceManager (>= 4.3) - framework: >= netstandard13
      System.Runtime (>= 4.3) - framework: >= netstandard13
      System.Runtime.Extensions (>= 4.3) - framework: >= netstandard13
      System.Text.Encoding (>= 4.3) - framework: >= netstandard13
    System.IO.FileSystem (4.3) - framework: net10, net11, net20, net30, net35, net40, net40-full, >= net45, >= netstandard10
      Microsoft.NETCore.Platforms (>= 1.1) - framework: >= netstandard13
      Microsoft.NETCore.Targets (>= 1.1) - framework: >= netstandard13
      System.IO (>= 4.3) - framework: >= netstandard13
      System.IO.FileSystem.Primitives (>= 4.3) - framework: >= net46, >= netstandard13
      System.Runtime (>= 4.3) - framework: >= netstandard13
      System.Runtime.Handles (>= 4.3) - framework: >= netstandard13
      System.Text.Encoding (>= 4.3) - framework: >= netstandard13
      System.Threading.Tasks (>= 4.3) - framework: >= netstandard13
    System.IO.FileSystem.Primitives (4.3) - framework: net10, net11, net20, net30, net35, net40, net40-full, >= net45, >= netstandard10
      System.Runtime (>= 4.3) - framework: >= netstandard13
    System.IO.IsolatedStorage (4.3) - framework: net10, net11, net20, net30, net35, net40, net40-full, netstandard10, netstandard11, netstandard12
    System.IO.UnmanagedMemoryStream (4.3) - framework: net10, net11, net20, net30, net35, net40, net40-full, netstandard10, netstandard11, netstandard12
    System.Linq (4.3) - framework: net10, net11, net20, net30, net35, net40, net40-full, >= net45, >= netstandard10, netstandard11, netstandard12, netstandard14, monoandroid, monotouch, portable-net45+win8+wp8+wpa81, xamarinios
      System.Collections (>= 4.3) - framework: dnxcore50, netstandard10, >= netstandard16
      System.Diagnostics.Debug (>= 4.3) - framework: dnxcore50, >= netstandard16
      System.Resources.ResourceManager (>= 4.3) - framework: dnxcore50, >= netstandard16
      System.Runtime (>= 4.3) - framework: dnxcore50, netstandard10, >= netstandard16
      System.Runtime.Extensions (>= 4.3) - framework: dnxcore50, >= netstandard16
    System.Linq.Expressions (4.3) - framework: net10, net11, net20, net30, net35, net40, net40-full, >= net45, >= netstandard10, netstandard11, netstandard12
      System.Collections (>= 4.3) - framework: dnxcore50, >= netstandard16
      System.Diagnostics.Debug (>= 4.3) - framework: dnxcore50, >= netstandard16
      System.Globalization (>= 4.3) - framework: dnxcore50, >= netstandard16
      System.IO (>= 4.3) - framework: dnxcore50, >= netstandard16
      System.Linq (>= 4.3) - framework: dnxcore50, >= netstandard16
      System.ObjectModel (>= 4.3) - framework: >= netstandard16
      System.Reflection (>= 4.3) - framework: dnxcore50, netstandard10, netstandard13, >= netstandard16
      System.Reflection.Emit (>= 4.3) - framework: >= netstandard16
      System.Reflection.Emit.ILGeneration (>= 4.3) - framework: dnxcore50, >= netstandard16
      System.Reflection.Emit.Lightweight (>= 4.3) - framework: dnxcore50, >= netstandard16
      System.Reflection.Extensions (>= 4.3) - framework: dnxcore50, >= netstandard16
      System.Reflection.Primitives (>= 4.3) - framework: dnxcore50, >= netstandard16
      System.Reflection.TypeExtensions (>= 4.3) - framework: dnxcore50, >= netstandard16
      System.Resources.ResourceManager (>= 4.3) - framework: dnxcore50, >= netstandard16
      System.Runtime (>= 4.3) - framework: dnxcore50, netstandard10, netstandard13, >= netstandard16
      System.Runtime.Extensions (>= 4.3) - framework: dnxcore50, >= netstandard16
      System.Threading (>= 4.3) - framework: dnxcore50, >= netstandard16
    System.Linq.Parallel (4.3) - framework: net10, net11, net20, net30, net35, net40, net40-full, netstandard10, netstandard11, netstandard12
    System.Linq.Queryable (4.3) - framework: net10, net11, net20, net30, net35, net40, net40-full, >= net45, netstandard10, netstandard11, netstandard12, >= netstandard15
      System.Collections (>= 4.3) - framework: dnxcore50, >= netstandard13
      System.Diagnostics.Debug (>= 4.3) - framework: dnxcore50, >= netstandard13
      System.Linq (>= 4.3) - framework: dnxcore50, netstandard10, >= netstandard13
      System.Linq.Expressions (>= 4.3) - framework: dnxcore50, netstandard10, >= netstandard13
      System.Reflection (>= 4.3) - framework: dnxcore50, >= netstandard13
      System.Reflection.Extensions (>= 4.3) - framework: dnxcore50, >= netstandard13
      System.Resources.ResourceManager (>= 4.3) - framework: dnxcore50, >= netstandard13
      System.Runtime (>= 4.3) - framework: dnxcore50, netstandard10, >= netstandard13
    System.Net.Http (4.3) - framework: net10, net11, net20, net30, net35, net40, net40-full, >= net45, >= netstandard10
      Microsoft.NETCore.Platforms (>= 1.1) - framework: dnxcore50, netstandard13, >= netstandard16
      Microsoft.Win32.Primitives (>= 4.3) - framework: netstandard13
      runtime.native.System (>= 4.3) - framework: >= netstandard16
      runtime.native.System.Net.Http (>= 4.3) - framework: >= netstandard16
      runtime.native.System.Security.Cryptography.OpenSsl (>= 4.3) - framework: >= netstandard16
      System.Collections (>= 4.3) - framework: dnxcore50, netstandard13, >= netstandard16
      System.Diagnostics.Debug (>= 4.3) - framework: dnxcore50, netstandard13, >= netstandard16
      System.Diagnostics.DiagnosticSource (>= 4.3) - framework: >= net46, dnxcore50, netstandard13, >= netstandard16
      System.Diagnostics.Tracing (>= 4.3) - framework: dnxcore50, netstandard13, >= netstandard16
      System.Globalization (>= 4.3) - framework: dnxcore50, netstandard13, >= netstandard16
      System.Globalization.Extensions (>= 4.3) - framework: >= netstandard16
      System.IO (>= 4.3) - framework: dnxcore50, netstandard11, netstandard13, >= netstandard16
      System.IO.Compression (>= 4.3) - framework: netstandard13
      System.IO.FileSystem (>= 4.3) - framework: >= netstandard16
      System.Net.Primitives (>= 4.3) - framework: dnxcore50, netstandard11, netstandard13, >= netstandard16
      System.Resources.ResourceManager (>= 4.3) - framework: dnxcore50, netstandard13, >= netstandard16
      System.Runtime (>= 4.3) - framework: dnxcore50, netstandard11, netstandard13, >= netstandard16
      System.Runtime.Extensions (>= 4.3) - framework: dnxcore50, netstandard13, >= netstandard16
      System.Runtime.Handles (>= 4.3) - framework: netstandard13, >= netstandard16
      System.Runtime.InteropServices (>= 4.3) - framework: dnxcore50, netstandard13, >= netstandard16
      System.Security.Cryptography.Algorithms (>= 4.3) - framework: >= netstandard16
      System.Security.Cryptography.Encoding (>= 4.3) - framework: >= netstandard16
      System.Security.Cryptography.OpenSsl (>= 4.3) - framework: >= netstandard16
      System.Security.Cryptography.Primitives (>= 4.3) - framework: >= netstandard16
      System.Security.Cryptography.X509Certificates (>= 4.3) - framework: >= net46, dnxcore50, netstandard13, >= netstandard16
      System.Text.Encoding (>= 4.3) - framework: dnxcore50, netstandard11, netstandard13, >= netstandard16
      System.Threading (>= 4.3) - framework: dnxcore50, netstandard13, >= netstandard16
      System.Threading.Tasks (>= 4.3) - framework: dnxcore50, netstandard11, netstandard13, >= netstandard16
    System.Net.Http.Rtc (4.3) - framework: net10, net11, net20, net30, net35, net40, net40-full, netstandard10, netstandard11, netstandard12
    System.Net.NameResolution (4.3) - framework: net10, net11, net20, net30, net35, net40, net40-full, >= net45, netstandard10, netstandard11, netstandard12, >= netstandard15
    System.Net.NetworkInformation (4.3) - framework: net10, net11, net20, net30, net35, net40, net40-full, netstandard10, netstandard11, netstandard12
    System.Net.Primitives (4.3) - framework: net10, net11, net20, net30, net35, net40, net40-full, >= net45, >= netstandard10, netstandard11, netstandard13
      Microsoft.NETCore.Platforms (>= 1.1) - framework: dnxcore50, netstandard10, netstandard11, >= netstandard13
      Microsoft.NETCore.Targets (>= 1.1) - framework: dnxcore50, netstandard10, netstandard11, >= netstandard13
      System.Runtime (>= 4.3) - framework: dnxcore50, netstandard10, netstandard11, >= netstandard13
      System.Runtime.Handles (>= 4.3) - framework: dnxcore50, >= netstandard13
    System.Net.Requests (4.3) - framework: net10, net11, net20, net30, net35, net40, net40-full, >= netstandard10
    System.Net.Security (4.3) - framework: >= net45, >= netstandard15
      Microsoft.NETCore.Platforms (>= 1.1) - framework: netstandard13, >= netstandard16
      Microsoft.Win32.Primitives (>= 4.3) - framework: netstandard13, >= netstandard16
      runtime.native.System (>= 4.3) - framework: >= netstandard16
      runtime.native.System.Net.Security (>= 4.3) - framework: >= netstandard16
      runtime.native.System.Security.Cryptography.OpenSsl (>= 4.3) - framework: >= netstandard16
      System.Collections (>= 4.3) - framework: netstandard13, >= netstandard16
      System.Collections.Concurrent (>= 4.3) - framework: netstandard13, >= netstandard16
      System.Diagnostics.Tracing (>= 4.3) - framework: netstandard13, >= netstandard16
      System.Globalization (>= 4.3) - framework: netstandard13, >= netstandard16
      System.Globalization.Extensions (>= 4.3) - framework: >= netstandard16
      System.IO (>= 4.3) - framework: netstandard13, >= netstandard16
      System.Net.Primitives (>= 4.3) - framework: netstandard13, >= netstandard16
      System.Resources.ResourceManager (>= 4.3) - framework: netstandard13, >= netstandard16
      System.Runtime (>= 4.3) - framework: netstandard13, >= netstandard16
      System.Runtime.Extensions (>= 4.3) - framework: netstandard13, >= netstandard16
      System.Runtime.Handles (>= 4.3) - framework: netstandard13, >= netstandard16
      System.Runtime.InteropServices (>= 4.3) - framework: netstandard13, >= netstandard16
      System.Security.Claims (>= 4.3) - framework: netstandard13, >= netstandard16
      System.Security.Cryptography.Algorithms (>= 4.3) - framework: >= netstandard16
      System.Security.Cryptography.Encoding (>= 4.3) - framework: netstandard13, >= netstandard16
      System.Security.Cryptography.OpenSsl (>= 4.3) - framework: >= netstandard16
      System.Security.Cryptography.Primitives (>= 4.3) - framework: netstandard13, >= netstandard16
      System.Security.Cryptography.X509Certificates (>= 4.3) - framework: >= net46, netstandard13, >= netstandard16
      System.Security.Principal (>= 4.3) - framework: netstandard13, >= netstandard16
      System.Text.Encoding (>= 4.3) - framework: >= netstandard16
      System.Threading (>= 4.3) - framework: netstandard13, >= netstandard16
      System.Threading.Tasks (>= 4.3) - framework: netstandard13, >= netstandard16
      System.Threading.ThreadPool (>= 4.3) - framework: netstandard13, >= netstandard16
    System.Net.Sockets (4.3) - framework: net10, net11, net20, net30, net35, net40, net40-full, >= net46, >= netstandard10
      Microsoft.NETCore.Platforms (>= 1.1) - framework: >= netstandard13
      Microsoft.NETCore.Targets (>= 1.1) - framework: >= netstandard13
      System.IO (>= 4.3) - framework: >= netstandard13
      System.Net.Primitives (>= 4.3) - framework: >= netstandard13
      System.Runtime (>= 4.3) - framework: >= netstandard13
      System.Threading.Tasks (>= 4.3) - framework: >= netstandard13
    System.Net.WebHeaderCollection (4.3) - framework: net10, net11, net20, net30, net35, net40, net40-full, netstandard10, netstandard11, netstandard12
    System.Net.WebSockets (4.3) - framework: net10, net11, net20, net30, net35, net40, net40-full, netstandard10, netstandard11, netstandard12
    System.Net.WebSockets.Client (4.3) - framework: net10, net11, net20, net30, net35, net40, net40-full, netstandard10, netstandard11, netstandard12
    System.Numerics.Vectors (4.3) - framework: net10, net11, net20, net30, net35, net40, net40-full, netstandard10, netstandard11, netstandard12
    System.Numerics.Vectors.WindowsRuntime (4.3) - framework: net10, net11, net20, net30, net35, net40, net40-full, netstandard10, netstandard11, netstandard12
    System.ObjectModel (4.3) - framework: net10, net11, net20, net30, net35, net40, net40-full, >= net45, >= netstandard10, netstandard11, netstandard12
      System.Collections (>= 4.3) - framework: dnxcore50, >= netstandard13
      System.Diagnostics.Debug (>= 4.3) - framework: dnxcore50, >= netstandard13
      System.Resources.ResourceManager (>= 4.3) - framework: dnxcore50, >= netstandard13
      System.Runtime (>= 4.3) - framework: dnxcore50, netstandard10, >= netstandard13
      System.Threading (>= 4.3) - framework: dnxcore50, >= netstandard13
    System.Reflection (4.3) - framework: net10, >= net10, >= netstandard10, netstandard11, netstandard12, netstandard13, netstandard14, monoandroid, monotouch, portable-net45+win8+wp8+wpa81, xamarinios
      Microsoft.NETCore.Platforms (>= 1.1) - framework: dnxcore50, netstandard10, netstandard13, >= netstandard15
      Microsoft.NETCore.Targets (>= 1.1) - framework: dnxcore50, netstandard10, netstandard13, >= netstandard15
      System.IO (>= 4.3) - framework: dnxcore50, netstandard10, netstandard13, >= netstandard15
      System.Reflection.Primitives (>= 4.3) - framework: dnxcore50, netstandard10, netstandard13, >= netstandard15
      System.Runtime (>= 4.3) - framework: dnxcore50, netstandard10, netstandard13, >= netstandard15
    System.Reflection.Context (4.3) - framework: net10, net11, net20, net30, net35, net40, net40-full, netstandard10, netstandard11, netstandard12
    System.Reflection.DispatchProxy (4.3) - framework: net10, net11, net20, net30, net35, net40, net40-full, netstandard10, netstandard11, netstandard12
    System.Reflection.Emit (4.3) - framework: net10, net11, net20, net30, net35, net40, net40-full, >= net45, >= netstandard13
      System.IO (>= 4.3) - framework: >= netstandard11
      System.Reflection (>= 4.3) - framework: >= netstandard11
      System.Reflection.Emit.ILGeneration (>= 4.3) - framework: >= netstandard11
      System.Reflection.Primitives (>= 4.3) - framework: >= netstandard11
      System.Runtime (>= 4.3) - framework: >= netstandard11
    System.Reflection.Emit.ILGeneration (4.3) - framework: net10, net11, net20, net30, net35, net40, net40-full, >= net45, >= netstandard13
      System.Reflection (>= 4.3) - framework: >= netstandard10
      System.Reflection.Primitives (>= 4.3) - framework: >= netstandard10
      System.Runtime (>= 4.3) - framework: >= netstandard10
    System.Reflection.Emit.Lightweight (4.3) - framework: net10, net11, net20, net30, net35, net40, net40-full, >= net45, >= netstandard15
      System.Reflection (>= 4.3) - framework: >= netstandard10
      System.Reflection.Emit.ILGeneration (>= 4.3) - framework: >= netstandard10
      System.Reflection.Primitives (>= 4.3) - framework: >= netstandard10
      System.Runtime (>= 4.3) - framework: >= netstandard10
    System.Reflection.Extensions (4.3) - framework: net10, net11, net20, net30, net35, net40, net40-full, >= net45, >= netstandard10, netstandard11, netstandard12
      Microsoft.NETCore.Platforms (>= 1.1) - framework: dnxcore50, >= netstandard10
      Microsoft.NETCore.Targets (>= 1.1) - framework: dnxcore50, >= netstandard10
      System.Reflection (>= 4.3) - framework: dnxcore50, >= netstandard10
      System.Runtime (>= 4.3) - framework: dnxcore50, >= netstandard10
    System.Reflection.Metadata (1.4.1) - framework: net10, net11, net20, net30, net35, net40, net40-full, netstandard10, netstandard11, netstandard12
    System.Reflection.Primitives (4.3) - framework: net10, >= net10, >= netstandard10, netstandard11, netstandard12, netstandard13
      Microsoft.NETCore.Platforms (>= 1.1) - framework: dnxcore50, >= netstandard10
      Microsoft.NETCore.Targets (>= 1.1) - framework: dnxcore50, >= netstandard10
      System.Runtime (>= 4.3) - framework: dnxcore50, >= netstandard10
    System.Reflection.TypeExtensions (4.3) - framework: net10, net11, net20, net30, net35, net40, net40-full, >= net45, >= netstandard10
      System.Reflection (>= 4.3) - framework: >= net462, dnxcore50, netstandard13, >= netstandard15
      System.Runtime (>= 4.3) - framework: dnxcore50, netstandard13, >= netstandard15
    System.Resources.ResourceManager (4.3) - framework: net10, >= net10, >= netstandard10, netstandard11, netstandard12, netstandard13, netstandard14, monoandroid, monotouch, portable-net45+win8+wp8+wpa81, xamarinios
      Microsoft.NETCore.Platforms (>= 1.1) - framework: dnxcore50, >= netstandard10
      Microsoft.NETCore.Targets (>= 1.1) - framework: dnxcore50, >= netstandard10
      System.Globalization (>= 4.3) - framework: dnxcore50, >= netstandard10
      System.Reflection (>= 4.3) - framework: dnxcore50, >= netstandard10
      System.Runtime (>= 4.3) - framework: dnxcore50, >= netstandard10
    System.Runtime (4.3) - framework: net10, >= net10, >= netstandard10, netstandard11, netstandard12, netstandard13, netstandard14, monoandroid, monotouch, portable-net45+win8+wp8+wpa81, xamarinios
      Microsoft.NETCore.Platforms (>= 1.1) - framework: dnxcore50, netstandard10, netstandard12, netstandard13, >= netstandard15
      Microsoft.NETCore.Targets (>= 1.1) - framework: dnxcore50, netstandard10, netstandard12, netstandard13, >= netstandard15
    System.Runtime.Extensions (4.3) - framework: net10, >= net10, >= netstandard10, netstandard11, netstandard12, netstandard13, netstandard14
      Microsoft.NETCore.Platforms (>= 1.1) - framework: dnxcore50, netstandard10, netstandard13, >= netstandard15
      Microsoft.NETCore.Targets (>= 1.1) - framework: dnxcore50, netstandard10, netstandard13, >= netstandard15
      System.Runtime (>= 4.3) - framework: dnxcore50, netstandard10, netstandard13, >= netstandard15
    System.Runtime.Handles (4.3) - framework: net10, >= net10, >= netstandard10, netstandard13, netstandard14
      Microsoft.NETCore.Platforms (>= 1.1) - framework: >= netstandard13
      Microsoft.NETCore.Targets (>= 1.1) - framework: >= netstandard13
      System.Runtime (>= 4.3) - framework: >= netstandard13
    System.Runtime.InteropServices (4.3) - framework: net10, >= net10, >= netstandard10, netstandard14
      Microsoft.NETCore.Platforms (>= 1.1) - framework: dnxcore50, netstandard11, netstandard12, netstandard13, >= netstandard15
      Microsoft.NETCore.Targets (>= 1.1) - framework: dnxcore50, netstandard11, netstandard12, netstandard13, >= netstandard15
      System.Reflection (>= 4.3) - framework: dnxcore50, netstandard11, netstandard12, netstandard13, >= netstandard15
      System.Reflection.Primitives (>= 4.3) - framework: dnxcore50, netstandard11, netstandard12, netstandard13, >= netstandard15
      System.Runtime (>= 4.3) - framework: net462, >= net463, dnxcore50, netstandard11, netstandard12, netstandard13, >= netstandard15
      System.Runtime.Handles (>= 4.3) - framework: dnxcore50, netstandard13, >= netstandard15
    System.Runtime.InteropServices.RuntimeInformation (4.3) - framework: >= net45, >= netstandard13
      runtime.native.System (>= 4.3) - framework: >= netstandard11
      System.Reflection (>= 4.3) - framework: dnxcore50, >= netstandard11
      System.Reflection.Extensions (>= 4.3) - framework: dnxcore50, >= netstandard11
      System.Resources.ResourceManager (>= 4.3) - framework: dnxcore50, >= netstandard11
      System.Runtime (>= 4.3) - framework: dnxcore50, >= netstandard11
      System.Runtime.InteropServices (>= 4.3) - framework: >= netstandard11
      System.Threading (>= 4.3) - framework: dnxcore50, >= netstandard11
    System.Runtime.InteropServices.WindowsRuntime (4.3) - framework: net10, net11, net20, net30, net35, net40, net40-full, netstandard10, netstandard11, netstandard12
    System.Runtime.Numerics (4.3) - framework: net10, net11, net20, net30, net35, net40, net40-full, >= net45, >= netstandard10
      System.Globalization (>= 4.3) - framework: dnxcore50, >= netstandard13
      System.Resources.ResourceManager (>= 4.3) - framework: dnxcore50, >= netstandard13
      System.Runtime (>= 4.3) - framework: dnxcore50, netstandard11, >= netstandard13
      System.Runtime.Extensions (>= 4.3) - framework: dnxcore50, >= netstandard13
    System.Runtime.Serialization.Json (4.3) - framework: net10, net11, net20, net30, net35, net40, net40-full, netstandard10, netstandard11, netstandard12
    System.Runtime.Serialization.Primitives (4.3) - framework: net10, net11, net20, net30, net35, net40, net40-full, >= netstandard10
      System.Resources.ResourceManager (>= 4.3) - framework: dnxcore50, >= netstandard13
      System.Runtime (>= 4.3) - framework: dnxcore50, netstandard10, >= netstandard13
    System.Runtime.Serialization.Xml (4.3) - framework: net10, net11, net20, net30, net35, net40, net40-full, netstandard10, netstandard11, netstandard12
    System.Runtime.WindowsRuntime (4.3) - framework: net10, net11, net20, net30, net35, net40, net40-full, netstandard10, netstandard11, netstandard12
    System.Runtime.WindowsRuntime.UI.Xaml (4.3) - framework: net10, net11, net20, net30, net35, net40, net40-full, netstandard10, netstandard11, netstandard12
    System.Security.Claims (4.3) - framework: net10, net11, net20, net30, net35, net40, net40-full, >= net45, netstandard10, netstandard11, netstandard12, >= netstandard16
      System.Collections (>= 4.3) - framework: >= netstandard13
      System.Globalization (>= 4.3) - framework: >= netstandard13
      System.IO (>= 4.3) - framework: >= netstandard13
      System.Resources.ResourceManager (>= 4.3) - framework: >= netstandard13
      System.Runtime (>= 4.3) - framework: >= netstandard13
      System.Runtime.Extensions (>= 4.3) - framework: >= netstandard13
      System.Security.Principal (>= 4.3) - framework: >= netstandard13
    System.Security.Cryptography.Algorithms (4.3) - framework: net10, net11, net20, net30, net35, net40, net40-full, >= net45, >= netstandard13, netstandard14
      Microsoft.NETCore.Platforms (>= 1.1) - framework: dnxcore50, >= netstandard16
      runtime.native.System.Security.Cryptography.Apple (>= 4.3) - framework: >= netstandard16
      runtime.native.System.Security.Cryptography.OpenSsl (>= 4.3) - framework: >= netstandard16
      System.Collections (>= 4.3) - framework: >= netstandard16
      System.IO (>= 4.3) - framework: >= net463, dnxcore50, netstandard13, netstandard14, >= netstandard16
      System.Resources.ResourceManager (>= 4.3) - framework: dnxcore50, >= netstandard16
      System.Runtime (>= 4.3) - framework: >= net463, dnxcore50, netstandard13, netstandard14, >= netstandard16
      System.Runtime.Extensions (>= 4.3) - framework: dnxcore50, >= netstandard16
      System.Runtime.Handles (>= 4.3) - framework: dnxcore50, >= netstandard16
      System.Runtime.InteropServices (>= 4.3) - framework: dnxcore50, >= netstandard16
      System.Runtime.Numerics (>= 4.3) - framework: >= netstandard16
      System.Security.Cryptography.Encoding (>= 4.3) - framework: >= net463, dnxcore50, >= netstandard16
      System.Security.Cryptography.Primitives (>= 4.3) - framework: net46, net461, >= net463, dnxcore50, netstandard13, netstandard14, >= netstandard16
      System.Text.Encoding (>= 4.3) - framework: dnxcore50, >= netstandard16
    System.Security.Cryptography.Cng (4.3) - framework: >= net46, >= netstandard16
      Microsoft.NETCore.Platforms (>= 1.1) - framework: netstandard14, >= netstandard16
      System.IO (>= 4.3) - framework: netstandard13, netstandard14, >= netstandard16
      System.Resources.ResourceManager (>= 4.3) - framework: netstandard14, >= netstandard16
      System.Runtime (>= 4.3) - framework: netstandard13, netstandard14, >= netstandard16
      System.Runtime.Extensions (>= 4.3) - framework: netstandard14, >= netstandard16
      System.Runtime.Handles (>= 4.3) - framework: netstandard13, netstandard14, >= netstandard16
      System.Runtime.InteropServices (>= 4.3) - framework: netstandard14, >= netstandard16
      System.Security.Cryptography.Algorithms (>= 4.3) - framework: net46, net461, >= net463, netstandard13, netstandard14, >= netstandard16
      System.Security.Cryptography.Encoding (>= 4.3) - framework: netstandard14, >= netstandard16
      System.Security.Cryptography.Primitives (>= 4.3) - framework: net46, net461, >= net463, netstandard13, netstandard14, >= netstandard16
      System.Text.Encoding (>= 4.3) - framework: netstandard14, >= netstandard16
    System.Security.Cryptography.Csp (4.3) - framework: >= net46, >= netstandard13
      Microsoft.NETCore.Platforms (>= 1.1) - framework: >= netstandard13
      System.IO (>= 4.3) - framework: >= netstandard13
      System.Reflection (>= 4.3) - framework: >= netstandard13
      System.Resources.ResourceManager (>= 4.3) - framework: >= netstandard13
      System.Runtime (>= 4.3) - framework: >= netstandard13
      System.Runtime.Extensions (>= 4.3) - framework: >= netstandard13
      System.Runtime.Handles (>= 4.3) - framework: >= netstandard13
      System.Runtime.InteropServices (>= 4.3) - framework: >= netstandard13
      System.Security.Cryptography.Algorithms (>= 4.3) - framework: >= net46, >= netstandard13
      System.Security.Cryptography.Encoding (>= 4.3) - framework: >= netstandard13
      System.Security.Cryptography.Primitives (>= 4.3) - framework: >= net46, >= netstandard13
      System.Text.Encoding (>= 4.3) - framework: >= netstandard13
      System.Threading (>= 4.3) - framework: >= netstandard13
    System.Security.Cryptography.Encoding (4.3) - framework: net10, net11, net20, net30, net35, net40, net40-full, >= net45, >= netstandard13, netstandard14
      Microsoft.NETCore.Platforms (>= 1.1) - framework: >= netstandard13
      runtime.native.System.Security.Cryptography.OpenSsl (>= 4.3) - framework: >= netstandard13
      System.Collections (>= 4.3) - framework: >= netstandard13
      System.Collections.Concurrent (>= 4.3) - framework: >= netstandard13
      System.Linq (>= 4.3) - framework: >= netstandard13
      System.Resources.ResourceManager (>= 4.3) - framework: >= netstandard13
      System.Runtime (>= 4.3) - framework: >= netstandard13
      System.Runtime.Extensions (>= 4.3) - framework: >= netstandard13
      System.Runtime.Handles (>= 4.3) - framework: >= netstandard13
      System.Runtime.InteropServices (>= 4.3) - framework: >= netstandard13
      System.Security.Cryptography.Primitives (>= 4.3) - framework: >= netstandard13
      System.Text.Encoding (>= 4.3) - framework: >= netstandard13
    System.Security.Cryptography.OpenSsl (4.3) - framework: net10, net11, net20, net30, net35, net40, net40-full, >= net45, >= netstandard16
      runtime.native.System.Security.Cryptography.OpenSsl (>= 4.3)
      System.Collections (>= 4.3) - framework: >= netstandard16
      System.IO (>= 4.3) - framework: >= net463, >= netstandard16
      System.Resources.ResourceManager (>= 4.3) - framework: >= netstandard16
      System.Runtime (>= 4.3) - framework: >= net463, >= netstandard16
      System.Runtime.Extensions (>= 4.3) - framework: >= net463, >= netstandard16
      System.Runtime.Handles (>= 4.3) - framework: >= netstandard16
      System.Runtime.InteropServices (>= 4.3) - framework: >= netstandard16
      System.Runtime.Numerics (>= 4.3) - framework: >= netstandard16
      System.Security.Cryptography.Algorithms (>= 4.3) - framework: >= net463, >= netstandard16
      System.Security.Cryptography.Encoding (>= 4.3) - framework: >= net463, >= netstandard16
      System.Security.Cryptography.Primitives (>= 4.3) - framework: >= net463, >= netstandard16
      System.Text.Encoding (>= 4.3) - framework: >= netstandard16
    System.Security.Cryptography.Primitives (4.3) - framework: net10, net11, net20, net30, net35, net40, net40-full, >= net45, >= netstandard13, netstandard14
      System.Diagnostics.Debug (>= 4.3) - framework: >= netstandard13
      System.Globalization (>= 4.3) - framework: >= netstandard13
      System.IO (>= 4.3) - framework: >= netstandard13
      System.Resources.ResourceManager (>= 4.3) - framework: >= netstandard13
      System.Runtime (>= 4.3) - framework: >= netstandard13
      System.Threading (>= 4.3) - framework: >= netstandard13
      System.Threading.Tasks (>= 4.3) - framework: >= netstandard13
    System.Security.Cryptography.X509Certificates (4.3) - framework: >= net46, >= netstandard13
      Microsoft.NETCore.Platforms (>= 1.1) - framework: dnxcore50, >= netstandard16
      runtime.native.System (>= 4.3) - framework: >= netstandard16
      runtime.native.System.Net.Http (>= 4.3) - framework: >= netstandard16
      runtime.native.System.Security.Cryptography.OpenSsl (>= 4.3) - framework: >= netstandard16
      System.Collections (>= 4.3) - framework: dnxcore50, >= netstandard16
      System.Diagnostics.Debug (>= 4.3) - framework: >= netstandard16
      System.Globalization (>= 4.3) - framework: dnxcore50, >= netstandard16
      System.Globalization.Calendars (>= 4.3) - framework: dnxcore50, >= netstandard16
      System.IO (>= 4.3) - framework: dnxcore50, >= netstandard16
      System.IO.FileSystem (>= 4.3) - framework: dnxcore50, >= netstandard16
      System.IO.FileSystem.Primitives (>= 4.3) - framework: >= netstandard16
      System.Resources.ResourceManager (>= 4.3) - framework: dnxcore50, >= netstandard16
      System.Runtime (>= 4.3) - framework: dnxcore50, netstandard13, netstandard14, >= netstandard16
      System.Runtime.Extensions (>= 4.3) - framework: dnxcore50, >= netstandard16
      System.Runtime.Handles (>= 4.3) - framework: dnxcore50, netstandard13, netstandard14, >= netstandard16
      System.Runtime.InteropServices (>= 4.3) - framework: dnxcore50, >= netstandard16
      System.Runtime.Numerics (>= 4.3) - framework: dnxcore50, >= netstandard16
      System.Security.Cryptography.Algorithms (>= 4.3) - framework: net46, >= net461, dnxcore50, netstandard13, netstandard14, >= netstandard16
      System.Security.Cryptography.Cng (>= 4.3) - framework: dnxcore50, >= netstandard16
      System.Security.Cryptography.Csp (>= 4.3) - framework: >= netstandard16
      System.Security.Cryptography.Encoding (>= 4.3) - framework: net46, >= net461, dnxcore50, netstandard13, netstandard14, >= netstandard16
      System.Security.Cryptography.OpenSsl (>= 4.3) - framework: >= netstandard16
      System.Security.Cryptography.Primitives (>= 4.3) - framework: dnxcore50, >= netstandard16
      System.Text.Encoding (>= 4.3) - framework: dnxcore50, >= netstandard16
      System.Threading (>= 4.3) - framework: dnxcore50, >= netstandard16
    System.Security.Principal (4.3) - framework: net10, net11, net20, net30, net35, net40, net40-full, >= net45, netstandard10, netstandard11, netstandard12, >= netstandard16
      System.Runtime (>= 4.3) - framework: dnxcore50, >= netstandard10
    System.Security.SecureString (4.3) - framework: >= net45, >= netstandard15
      Microsoft.NETCore.Platforms (>= 1.1) - framework: >= netstandard13
      System.Resources.ResourceManager (>= 4.3) - framework: >= netstandard13
      System.Runtime (>= 4.3) - framework: >= netstandard13
      System.Runtime.Handles (>= 4.3) - framework: >= netstandard13
      System.Runtime.InteropServices (>= 4.3) - framework: >= netstandard13
      System.Security.Cryptography.Primitives (>= 4.3) - framework: >= netstandard13
      System.Text.Encoding (>= 4.3) - framework: >= netstandard13
      System.Threading (>= 4.3) - framework: >= netstandard13
    System.ServiceModel.Duplex (4.3) - framework: net10, net11, net20, net30, net35, net40, net40-full, netstandard10, netstandard11, netstandard12
    System.ServiceModel.Http (4.3) - framework: net10, net11, net20, net30, net35, net40, net40-full, netstandard10, netstandard11, netstandard12
    System.ServiceModel.NetTcp (4.3) - framework: net10, net11, net20, net30, net35, net40, net40-full, netstandard10, netstandard11, netstandard12
    System.ServiceModel.Primitives (4.3) - framework: net10, net11, net20, net30, net35, net40, net40-full, netstandard10, netstandard11, netstandard12
    System.ServiceModel.Security (4.3) - framework: net10, net11, net20, net30, net35, net40, net40-full, netstandard10, netstandard11, netstandard12
    System.Spatial (5.8.1) - framework: >= net45, netstandard10, >= netstandard13, winv4.5, wpv8.0, wpav8.1
    System.Text.Encoding (4.3) - framework: net10, >= net10, >= netstandard10, netstandard11, netstandard12, netstandard13, netstandard14
      Microsoft.NETCore.Platforms (>= 1.1) - framework: dnxcore50, netstandard10, >= netstandard13
      Microsoft.NETCore.Targets (>= 1.1) - framework: dnxcore50, netstandard10, >= netstandard13
      System.Runtime (>= 4.3) - framework: dnxcore50, netstandard10, >= netstandard13
    System.Text.Encoding.CodePages (4.3) - framework: net10, net11, net20, net30, net35, net40, net40-full, netstandard10, netstandard11, netstandard12
    System.Text.Encoding.Extensions (4.3) - framework: net10, net11, net20, net30, net35, net40, net40-full, >= net45, >= netstandard10, netstandard11, netstandard12
      Microsoft.NETCore.Platforms (>= 1.1) - framework: dnxcore50, netstandard10, >= netstandard13
      Microsoft.NETCore.Targets (>= 1.1) - framework: dnxcore50, netstandard10, >= netstandard13
      System.Runtime (>= 4.3) - framework: dnxcore50, netstandard10, >= netstandard13
      System.Text.Encoding (>= 4.3) - framework: dnxcore50, netstandard10, >= netstandard13
    System.Text.RegularExpressions (4.3) - framework: net10, net11, net20, net30, net35, net40, net40-full, >= net45, >= netstandard10, netstandard11, netstandard12
      System.Collections (>= 4.3) - framework: dnxcore50, >= netstandard16
      System.Globalization (>= 4.3) - framework: dnxcore50, >= netstandard16
      System.Resources.ResourceManager (>= 4.3) - framework: dnxcore50, >= netstandard16
      System.Runtime (>= 4.3) - framework: dnxcore50, netstandard10, netstandard13, >= netstandard16
      System.Runtime.Extensions (>= 4.3) - framework: dnxcore50, >= netstandard16
      System.Threading (>= 4.3) - framework: dnxcore50, >= netstandard16
    System.Threading (4.3) - framework: net10, >= net10, >= netstandard10, netstandard11, netstandard12, netstandard13, netstandard14
      System.Runtime (>= 4.3) - framework: dnxcore50, netstandard10, >= netstandard13
      System.Threading.Tasks (>= 4.3) - framework: dnxcore50, netstandard10, >= netstandard13
    System.Threading.Tasks (4.3) - framework: net10, >= net10, >= netstandard10, netstandard11, netstandard12, netstandard13, netstandard14, monoandroid, monotouch, portable-net45+win8+wp8+wpa81, xamarinios
      Microsoft.NETCore.Platforms (>= 1.1) - framework: dnxcore50, netstandard10, >= netstandard13
      Microsoft.NETCore.Targets (>= 1.1) - framework: dnxcore50, netstandard10, >= netstandard13
      System.Runtime (>= 4.3) - framework: dnxcore50, netstandard10, >= netstandard13
    System.Threading.Tasks.Dataflow (4.7) - framework: net10, net11, net20, net30, net35, net40, net40-full, netstandard10, netstandard11, netstandard12
    System.Threading.Tasks.Extensions (4.3) - framework: net10, net11, net20, net30, net35, net40, net40-full, >= net45, >= netstandard13
      System.Collections (>= 4.3) - framework: >= netstandard10
      System.Runtime (>= 4.3) - framework: >= netstandard10
      System.Threading.Tasks (>= 4.3) - framework: >= netstandard10
    System.Threading.Tasks.Parallel (4.3) - framework: net10, net11, net20, net30, net35, net40, net40-full, netstandard10, netstandard11, netstandard12
    System.Threading.Thread (4.3) - framework: >= net45, >= netstandard13
      System.Runtime (>= 4.3) - framework: >= netstandard13
    System.Threading.ThreadPool (4.3) - framework: >= net45, >= netstandard15
      System.Runtime (>= 4.3) - framework: >= netstandard13
      System.Runtime.Handles (>= 4.3) - framework: >= netstandard13
    System.Threading.Timer (4.3) - framework: net10, net11, net20, net30, net35, net40, net40-full, >= net451, >= netstandard10
      Microsoft.NETCore.Platforms (>= 1.1) - framework: dnxcore50, >= netstandard12
      Microsoft.NETCore.Targets (>= 1.1) - framework: dnxcore50, >= netstandard12
      System.Runtime (>= 4.3) - framework: dnxcore50, >= netstandard12
    System.Xml.ReaderWriter (4.3) - framework: net10, net11, net20, net30, net35, net40, net40-full, >= net45, >= netstandard10, netstandard11, netstandard12
      System.Collections (>= 4.3) - framework: dnxcore50, >= netstandard13
      System.Diagnostics.Debug (>= 4.3) - framework: dnxcore50, >= netstandard13
      System.Globalization (>= 4.3) - framework: dnxcore50, >= netstandard13
      System.IO (>= 4.3) - framework: dnxcore50, netstandard10, >= netstandard13
      System.IO.FileSystem (>= 4.3) - framework: dnxcore50, >= netstandard13
      System.IO.FileSystem.Primitives (>= 4.3) - framework: dnxcore50, >= netstandard13
      System.Resources.ResourceManager (>= 4.3) - framework: dnxcore50, >= netstandard13
      System.Runtime (>= 4.3) - framework: dnxcore50, netstandard10, >= netstandard13
      System.Runtime.Extensions (>= 4.3) - framework: dnxcore50, >= netstandard13
      System.Runtime.InteropServices (>= 4.3) - framework: dnxcore50, >= netstandard13
      System.Text.Encoding (>= 4.3) - framework: dnxcore50, netstandard10, >= netstandard13
      System.Text.Encoding.Extensions (>= 4.3) - framework: dnxcore50, >= netstandard13
      System.Text.RegularExpressions (>= 4.3) - framework: dnxcore50, >= netstandard13
      System.Threading.Tasks (>= 4.3) - framework: dnxcore50, netstandard10, >= netstandard13
      System.Threading.Tasks.Extensions (>= 4.3) - framework: dnxcore50, >= netstandard13
    System.Xml.XDocument (4.3) - framework: net10, net11, net20, net30, net35, net40, net40-full, >= net45, >= netstandard10, netstandard11, netstandard12
      System.Collections (>= 4.3) - framework: dnxcore50, >= netstandard13
      System.Diagnostics.Debug (>= 4.3) - framework: dnxcore50, >= netstandard13
      System.Diagnostics.Tools (>= 4.3) - framework: dnxcore50, >= netstandard13
      System.Globalization (>= 4.3) - framework: dnxcore50, >= netstandard13
      System.IO (>= 4.3) - framework: dnxcore50, netstandard10, >= netstandard13
      System.Reflection (>= 4.3) - framework: dnxcore50, >= netstandard13
      System.Resources.ResourceManager (>= 4.3) - framework: dnxcore50, >= netstandard13
      System.Runtime (>= 4.3) - framework: dnxcore50, netstandard10, >= netstandard13
      System.Runtime.Extensions (>= 4.3) - framework: dnxcore50, >= netstandard13
      System.Text.Encoding (>= 4.3) - framework: dnxcore50, >= netstandard13
      System.Threading (>= 4.3) - framework: dnxcore50, >= netstandard13
      System.Xml.ReaderWriter (>= 4.3) - framework: dnxcore50, netstandard10, >= netstandard13
    System.Xml.XmlSerializer (4.3) - framework: net10, net11, net20, net30, net35, net40, net40-full, netstandard10, netstandard11, netstandard12
    Validation (2.3.7) - framework: monoandroid, monotouch, portable-net45+win8+wp8+wpa81, xamarinios
      System.Diagnostics.Debug (>= 4.0) - framework: dnxcore50, >= netstandard10
      System.Diagnostics.Tools (>= 4.0) - framework: dnxcore50, >= netstandard10
      System.Globalization (>= 4.0) - framework: dnxcore50, >= netstandard10
      System.Linq (>= 4.0) - framework: dnxcore50, >= netstandard10
      System.Reflection (>= 4.0) - framework: dnxcore50, >= netstandard10
      System.Resources.ResourceManager (>= 4.0) - framework: dnxcore50, >= netstandard10
      System.Runtime (>= 4.0) - framework: dnxcore50, >= netstandard10
      System.Threading.Tasks (>= 4.0) - framework: dnxcore50, >= netstandard10
    WindowsAzure.Storage (8.0)
      Microsoft.Azure.KeyVault.Core (>= 1.0) - framework: >= net45, wpv8.0
      Microsoft.Data.OData (>= 5.7) - framework: >= net45, netstandard10, >= netstandard13, winv4.5, wpv8.0, wpav8.1
      Microsoft.Data.Services.Client (>= 5.7) - framework: >= net45, netstandard10, >= netstandard13
      NETStandard.Library (>= 1.6) - framework: netstandard10, >= netstandard13
      Newtonsoft.Json (>= 6.0.8) - framework: >= net45, winv4.5, wpv8.0, wpav8.1
      Newtonsoft.Json (>= 9.0.1) - framework: netstandard10, >= netstandard13
      System.Spatial (>= 5.7) - framework: netstandard10, >= netstandard13
  remote: https://www.myget.org/F/imazen-nightlies
    ImageResizer (4.0.0-prerelease0975)
    ImageResizer.Mvc (4.0.0-prerelease0975)
      ImageResizer (>= 4.0.0-prerelease0975)
    ImageResizer.MvcWebConfig (4.0.0-prerelease0975)
      ImageResizer (>= 4.0.0-prerelease0975)
      ImageResizer.WebConfig (>= 4.0.0-prerelease0975)
    ImageResizer.Plugins.AdvancedFilters (4.0.0-prerelease0975)
      AForge (>= 2.2.5)
      AForge.Imaging (>= 2.2.5)
      AForge.Math (>= 2.2.5)
      ImageResizer (>= 4.0.0-prerelease0975)
    ImageResizer.Plugins.AnimatedGifs (4.0.0-prerelease0975)
      ImageResizer (>= 4.0.0-prerelease0975)
    ImageResizer.Plugins.AzureReader2 (4.0.0-prerelease0975)
      ImageResizer (>= 4.0.0-prerelease0975)
      ImageResizer.Storage (>= 4.0.0-prerelease0975)
      Microsoft.WindowsAzure.ConfigurationManager (>= 3.1 < 4.0)
      Newtonsoft.Json (>= 7.0.1)
      WindowsAzure.Storage (>= 6.0)
    ImageResizer.Plugins.BatchZipper (4.0.0-prerelease0975)
      DotNetZip.Reduced (>= 1.9.1.8)
      ImageResizer (>= 4.0.0-prerelease0975)
    ImageResizer.Plugins.CloudFront (4.0.0-prerelease0975)
      ImageResizer (>= 4.0.0-prerelease0975)
    ImageResizer.Plugins.CopyMetadata (4.0.0-prerelease0975)
      ImageResizer (>= 4.0.0-prerelease0975)
    ImageResizer.Plugins.DiagnosticJson (4.0.0-prerelease0975)
      ImageResizer (>= 4.0.0-prerelease0975)
      Newtonsoft.Json (>= 7.0.1)
    ImageResizer.Plugins.DiskCache (4.0.0-prerelease0975)
      ImageResizer (>= 4.0.0-prerelease0975)
    ImageResizer.Plugins.Faces (4.0.0-prerelease0975)
      ImageResizer (>= 4.0.0-prerelease0975)
      Newtonsoft.Json (>= 7.0.1)
      OpenCvSharp-WithoutDll (>= 2.4.10.20160316)
    ImageResizer.Plugins.FastScaling.x86 (4.0.0-prerelease0975)
      ImageResizer (>= 4.0.0-prerelease0975)
    ImageResizer.Plugins.FFmpeg (4.0.0-prerelease0975)
      AForge (>= 2.2.5)
      AForge.Imaging (>= 2.2.5)
      ImageResizer (>= 4.0.0-prerelease0975)
    ImageResizer.Plugins.FreeImage (4.0.0-prerelease0975)
      ImageResizer (>= 4.0.0-prerelease0975)
    ImageResizer.Plugins.Logging (4.0.0-prerelease0975)
      ImageResizer (>= 4.0.0-prerelease0975)
      NLog
    ImageResizer.Plugins.MongoReader (4.0.0-prerelease0975)
      ImageResizer (>= 4.0.0-prerelease0975)
      ImageResizer.Storage (>= 4.0.0-prerelease0975)
      mongocsharpdriver (>= 2.1)
    ImageResizer.Plugins.PdfiumRenderer (4.0.0-prerelease0975)
      ImageResizer (>= 4.0.0-prerelease0975)
      PdfiumViewer (>= 2.7 < 3.0)
    ImageResizer.Plugins.PdfRenderer (4.0.0-prerelease0975)
      ImageResizer (>= 4.0.0-prerelease0975)
    ImageResizer.Plugins.PrettyGifs (4.0.0-prerelease0975)
      ImageResizer (>= 4.0.0-prerelease0975)
    ImageResizer.Plugins.PsdComposer (4.0.0-prerelease0975)
      ImageResizer (>= 4.0.0-prerelease0975)
    ImageResizer.Plugins.PsdReader (4.0.0-prerelease0975)
      ImageResizer (>= 4.0.0-prerelease0975)
    ImageResizer.Plugins.RedEye (4.0.0-prerelease0975)
      AForge (>= 2.2.5)
      AForge.Imaging (>= 2.2.5)
      AForge.Math (>= 2.2.5)
      ImageResizer (>= 4.0.0-prerelease0975)
      ImageResizer.Plugins.Faces (>= 4.0.0-prerelease0975)
      OpenCvSharp-WithoutDll (>= 2.4.10.20150820)
    ImageResizer.Plugins.RemoteReader (4.0.0-prerelease0975)
      ImageResizer (>= 4.0.0-prerelease0975)
    ImageResizer.Plugins.S3Reader2 (4.0.0-prerelease0975)
      AWSSDK.S3 (>= 3.1.3 < 4.0)
      ImageResizer (>= 4.0.0-prerelease0975)
      ImageResizer.Storage (>= 4.0.0-prerelease0975)
    ImageResizer.Plugins.SeamCarving (4.0.0-prerelease0975)
      ImageResizer (>= 4.0.0-prerelease0975)
    ImageResizer.Plugins.SimpleFilters (4.0.0-prerelease0975)
      ImageResizer (>= 4.0.0-prerelease0975)
    ImageResizer.Plugins.SqlReader (4.0.0-prerelease0975)
      ImageResizer (>= 4.0.0-prerelease0975)
      ImageResizer.Storage (>= 4.0.0-prerelease0975)
    ImageResizer.Plugins.TinyCache (4.0.0-prerelease0975)
      ImageResizer (>= 4.0.0-prerelease0975)
    ImageResizer.Plugins.Watermark (4.0.0-prerelease0975)
      ImageResizer (>= 4.0.0-prerelease0975)
    ImageResizer.Plugins.WebP (4.0.0-prerelease0975)
      ImageResizer (>= 4.0.0-prerelease0975)
      Imazen.WebP (>= 9.0.1)
    ImageResizer.Plugins.WhitespaceTrimmer (4.0.0-prerelease0975)
      AForge.Imaging (>= 2.2.5)
      ImageResizer (>= 4.0.0-prerelease0975)
    ImageResizer.Plugins.Wic (4.0.0-prerelease0975)
      ImageResizer (>= 4.0.0-prerelease0975)
    ImageResizer.Storage (4.0.0-prerelease0975)
      ImageResizer (>= 4.0.0-prerelease0975)
    ImageResizer.WebConfig (4.0.0-prerelease0975)
      ImageResizer (>= 4.0.0-prerelease0975)
    ImageResizer.WebConfigAsync (4.0.0-prerelease0975)
      ImageResizer (>= 4.0.0-prerelease0975)
